GIT
  remote: https://github.com/0x1eef/io-line.rb.git
  revision: 04754c6f2ed255bee1fbfdf93e88722b9a784eb5
  tag: v0.1.0
  specs:
    io-line.rb (0.1.0)
      io-console (~> 0.5)

GIT
  remote: https://github.com/0x1eef/ryo.rb.git
  revision: 1fc0e7a2187d8020aadfb71b6b066dbc3af2fc2e
  tag: v0.3.0
  specs:
    ryo.rb (0.3.0)

GIT
  remote: https://github.com/ruby/optparse.git
  revision: 366a6a6b569037420013e83ada92012d0c6a2f76
  specs:
    optparse (0.4.0.pre.1)

PATH
  remote: .
  specs:
    quran-audio (0.1.0)
      io-line.rb (~> 0.1)
      optparse (~> 0.3)
      paint (~> 2.3)
      ruby-mp3info (~> 0.8)
      ryo.rb (~> 0.3)
      standard (~> 1.25)

GEM
  remote: https://rubygems.org/
  specs:
    ast (2.4.2)
    io-console (0.6.0)
    json (2.6.3)
    language_server-protocol (3.17.0.3)
    paint (2.3.0)
    parallel (1.22.1)
    parser (3.2.1.1)
      ast (~> 2.4.1)
    rainbow (3.1.1)
    regexp_parser (2.7.0)
    rexml (3.2.5)
    rubocop (1.48.1)
      json (~> 2.3)
      parallel (~> 1.10)
      parser (>= 3.2.0.0)
      rainbow (>= 2.2.2, < 4.0)
      regexp_parser (>= 1.8, < 3.0)
      rexml (>= 3.2.5, < 4.0)
      rubocop-ast (>= 1.26.0, < 2.0)
      ruby-progressbar (~> 1.7)
      unicode-display_width (>= 2.4.0, < 3.0)
    rubocop-ast (1.28.0)
      parser (>= 3.2.1.0)
    rubocop-performance (1.16.0)
      rubocop (>= 1.7.0, < 2.0)
      rubocop-ast (>= 0.4.0)
    ruby-mp3info (0.8.10)
    ruby-progressbar (1.13.0)
    standard (1.25.3)
      language_server-protocol (~> 3.17.0.2)
      rubocop (~> 1.48.1)
      rubocop-performance (~> 1.16.0)
    unicode-display_width (2.4.2)

PLATFORMS
  amd64-freebsd-14

DEPENDENCIES
  io-line.rb!
  optparse!
  quran-audio!
  ryo.rb (~> 0.3)!

BUNDLED WITH
   2.4.1
