GIT
  remote: https://github.com/0x1eef/io-line.rb.git
  revision: 04754c6f2ed255bee1fbfdf93e88722b9a784eb5
  tag: v0.1.0
  specs:
    io-line.rb (0.1.0)
      io-console (~> 0.5)

GIT
  remote: https://github.com/0x1eef/ryo.rb.git
  revision: 1fc0e7a2187d8020aadfb71b6b066dbc3af2fc2e
  tag: v0.3.0
  specs:
    ryo.rb (0.3.0)

GIT
  remote: https://github.com/ruby/optparse.git
  revision: 366a6a6b569037420013e83ada92012d0c6a2f76
  specs:
    optparse (0.4.0.pre.1)

PATH
  remote: .
  specs:
    quran-audio (0.1.0)
      io-line.rb (~> 0.1)
      optparse (~> 0.3)
      paint (~> 2.3)
      ruby-mp3info (~> 0.8)
      ryo.rb (~> 0.3)

GEM
  remote: https://rubygems.org/
  specs:
    io-console (0.6.0)
    paint (2.3.0)
    ruby-mp3info (0.8.10)

PLATFORMS
  amd64-freebsd-14

DEPENDENCIES
  io-line.rb!
  optparse!
  quran-audio!
  ryo.rb (~> 0.3)!

BUNDLED WITH
   2.4.1
